PATH
  remote: .
  specs:
    metanorma-ietf (1.0.2)
      isodoc (~> 0.9.6)
      metanorma-standoc (~> 1.1.0)

GEM
  remote: https://rubygems.org/
  specs:
    addressable (2.6.0)
      public_suffix (>= 2.0.2, < 4.0)
    algoliasearch (1.26.0)
      httpclient (~> 2.8, >= 2.8.3)
      json (>= 1.5.1)
    asciidoctor (1.5.8)
    asciimath (1.0.8)
    ast (2.4.0)
    byebug (9.1.0)
    cnccs (0.1.3)
    coderay (1.1.2)
    concurrent-ruby (1.1.5)
    crack (0.4.3)
      safe_yaml (~> 1.0.0)
    diff-lcs (1.3)
    docile (1.3.1)
    equivalent-xml (0.6.0)
      nokogiri (>= 1.4.3)
    ffi (1.11.1)
    formatador (0.2.5)
    gb-agencies (0.0.5)
    gbbib (0.4.4)
      cnccs (~> 0.1.1)
      gb-agencies (~> 0.0.1)
      iso-bib-item (~> 0.4.2)
    guard (2.15.0)
      formatador (>= 0.2.4)
      listen (>= 2.7, < 4.0)
      lumberjack (>= 1.0.12, < 2.0)
      nenv (~> 0.1)
      notiffany (~> 0.0)
      pry (>= 0.9.12)
      shellany (~> 0.0)
      thor (>= 0.18.1)
    guard-compat (1.2.1)
    guard-rspec (4.7.3)
      guard (~> 2.1)
      guard-compat (~> 1.1)
      rspec (>= 2.99.0, < 4.0)
    hashdiff (0.4.0)
    html2doc (0.8.10)
      asciimath (~> 1.0.7)
      htmlentities (~> 4.3.4)
      image_size
      mime-types
      nokogiri
      thread_safe
      uuidtools
    htmlentities (4.3.4)
    httpclient (2.8.3)
    iecbib (0.2.2)
      addressable
      iso-bib-item (~> 0.4.2)
    ietfbib (0.4.6)
      iso-bib-item (~> 0.4.2)
    iev (0.2.2)
      nokogiri
    image_size (2.0.1)
    iso-bib-item (0.4.5)
      isoics (~> 0.1.6)
      nokogiri (~> 1.8.4)
      ruby_deep_clone (~> 0.8.0)
    isobib (0.4.4)
      algoliasearch
      iecbib (~> 0.2.1)
      iso-bib-item (~> 0.4.2)
    isodoc (0.9.23)
      asciimath
      html2doc (~> 0.8.6)
      htmlentities (~> 4.3.4)
      liquid
      metanorma (~> 0.3.0)
      nokogiri (>= 1)
      rake (~> 12.0)
      roman-numerals
      sassc (~> 2)
      thread_safe
      uuidtools
    isoics (0.1.7)
    jaro_winkler (1.5.2)
    json (2.2.0)
    liquid (4.0.3)
    listen (3.1.5)
      rb-fsevent (~> 0.9, >= 0.9.4)
      rb-inotify (~> 0.9, >= 0.9.7)
      ruby_dep (~> 1.2)
    lumberjack (1.0.13)
    metanorma (0.3.11)
      asciidoctor
      htmlentities
    metanorma-standoc (1.1.9)
      asciidoctor (~> 1.5.7)
      concurrent-ruby
      html2doc (~> 0.8.0)
      iev (~> 0.2.1)
      isodoc (~> 0.9.0)
      relaton (~> 0.3.1)
      relaton-cli
      ruby-jing
      sterile (~> 1.0.14)
      unicode2latex (~> 0.0.1)
    method_source (0.9.2)
    mime-types (3.2.2)
      mime-types-data (~> 3.2015)
    mime-types-data (3.2019.0331)
    mini_portile2 (2.3.0)
    nenv (0.3.0)
    nistbib (0.1.9)
      relaton-bib (~> 0.1.6)
    nokogiri (1.8.5)
      mini_portile2 (~> 2.3.0)
    notiffany (0.1.1)
      nenv (~> 0.1)
      shellany (~> 0.0)
    optout (0.0.2)
    parallel (1.17.0)
    parser (2.6.3.0)
      ast (~> 2.4.0)
    pry (0.12.2)
      coderay (~> 1.1.0)
      method_source (~> 0.9.0)
    public_suffix (3.1.0)
    rainbow (3.0.0)
    rake (12.3.2)
    rb-fsevent (0.10.3)
    rb-inotify (0.10.0)
      ffi (~> 1.0)
    relaton (0.3.4)
      algoliasearch
      gbbib (~> 0.4.0)
      iecbib (~> 0.2.0)
      ietfbib (~> 0.4.2)
      iso-bib-item (~> 0.4.2)
      isobib (~> 0.4.0)
      nistbib (~> 0.1.1)
      relaton-itu (~> 0.1.0)
    relaton-bib (0.1.6)
      addressable
      nokogiri (~> 1.8.4)
    relaton-cli (0.1.10)
      liquid
      relaton (~> 0.3)
      thor
    relaton-itu (0.1.0)
      iso-bib-item (~> 0.4.2)
    roman-numerals (0.3.0)
    rspec (3.8.0)
      rspec-core (~> 3.8.0)
      rspec-expectations (~> 3.8.0)
      rspec-mocks (~> 3.8.0)
    rspec-core (3.8.0)
      rspec-support (~> 3.8.0)
    rspec-expectations (3.8.3)
      diff-lcs (>= 1.2.0, < 2.0)
      rspec-support (~> 3.8.0)
    rspec-mocks (3.8.0)
      diff-lcs (>= 1.2.0, < 2.0)
      rspec-support (~> 3.8.0)
    rspec-support (3.8.0)
    rubocop (0.71.0)
      jaro_winkler (~> 1.5.1)
      parallel (~> 1.10)
      parser (>= 2.6)
      rainbow (>= 2.2.2, < 4.0)
      ruby-progressbar (~> 1.7)
      unicode-display_width (>= 1.4.0, < 1.7)
    ruby-jing (0.0.1)
      optout (>= 0.0.2)
    ruby-progressbar (1.10.1)
    ruby_deep_clone (0.8.0)
    ruby_dep (1.5.0)
    safe_yaml (1.0.5)
    sassc (2.0.1)
      ffi (~> 1.9)
      rake
    shellany (0.0.1)
    simplecov (0.16.1)
      docile (~> 1.1)
      json (>= 1.8, < 3)
      simplecov-html (~> 0.10.0)
    simplecov-html (0.10.2)
    sterile (1.0.14)
      nokogiri
    thor (0.20.3)
    thread_safe (0.3.6)
    timecop (0.9.1)
    unicode-display_width (1.6.0)
    unicode2latex (0.0.2)
    uuidtools (2.1.5)
    vcr (5.0.0)
    webmock (3.5.1)
      addressable (>= 2.3.6)
      crack (>= 0.3.2)
      hashdiff

PLATFORMS
  ruby

DEPENDENCIES
  bundler (~> 2.0.1)
  byebug (~> 9.1)
  equivalent-xml (~> 0.6)
  guard (~> 2.14)
  guard-rspec (~> 4.7)
  metanorma (~> 0.3.0)
  metanorma-ietf!
  rake (~> 12.0)
  rspec (~> 3.6)
  rubocop (~> 0.50)
  simplecov (~> 0.15)
  timecop (~> 0.9)
  vcr (~> 5.0.0)
  webmock

BUNDLED WITH
   2.0.1
